GEM
  remote: https://rubygems.org/
  specs:
    activesupport (4.2.2)
      i18n (~> 0.7)
      json (~> 1.7, >= 1.7.7)
      minitest (~> 5.1)
      thread_safe (~> 0.3, >= 0.3.4)
      tzinfo (~> 1.1)
    business_time (0.7.4)
      activesupport (>= 3.1.0)
      tzinfo
    i18n (0.7.0)
    json (1.8.3)
    minitest (5.7.0)
    thread_safe (0.3.5)
    time_difference (0.4.2)
      activesupport
    timecop (0.3.5)
    tzinfo (1.2.2)
      thread_safe (~> 0.1)

PLATFORMS
  ruby

DEPENDENCIES
  business_time
  time_difference
  timecop

BUNDLED WITH
   1.10.5
